GEM
  remote: http://rubygems.org/
  remote: http://gems.github.com/
  specs:
    actionmailer (2.3.10)
      actionpack (= 2.3.10)
    actionpack (2.3.10)
      activesupport (= 2.3.10)
      rack (~> 1.1.0)
    activerecord (2.3.10)
      activesupport (= 2.3.10)
    activeresource (2.3.10)
      activesupport (= 2.3.10)
    activesupport (2.3.10)
    andand (1.3.1)
    chronic (0.2.3)
      hoe (>= 1.2.1)
    daemons (1.1.0)
    ean13 (1.4.0)
    eventmachine (0.12.10)
    fastercsv (1.5.3)
    formtastic (1.0.1)
      actionpack (>= 2.3.0, < 3.0.0)
      activesupport (>= 2.3.0, < 3.0.0)
      i18n (< 0.4)
    hoe (2.6.2)
      rake (>= 0.8.7)
      rubyforge (>= 2.0.4)
    i18n (0.3.7)
    jeremyevans-exception_notification (1.0.20100406)
    json_pure (1.4.6)
    mime-types (1.16)
    nokogiri (1.4.3.1)
    onix (0.8.4)
      andand
      nokogiri (>= 1.4)
      yob-roxml (>= 3.1.6)
    rack (1.1.0)
    rails (2.3.10)
      actionmailer (= 2.3.10)
      actionpack (= 2.3.10)
      activerecord (= 2.3.10)
      activeresource (= 2.3.10)
      activesupport (= 2.3.10)
      rake (>= 0.8.3)
    rake (0.8.7)
    rubyforge (2.0.4)
      json_pure (>= 1.1.7)
    thin (1.2.7)
      daemons (>= 1.0.9)
      eventmachine (>= 0.12.6)
      rack (>= 1.0.0)
    upc (1.0.0)
    yob-roxml (3.1.6)
      activesupport (>= 2.3.0)
      nokogiri (>= 1.3.3)

PLATFORMS
  ruby

DEPENDENCIES
  chronic (= 0.2.3)
  ean13 (= 1.4)
  fastercsv (= 1.5.3)
  formtastic (= 1.0.1)
  jeremyevans-exception_notification (= 1.0.20100406)
  mime-types (= 1.16)
  onix (= 0.8.4)
  rails (= 2.3.10)
  thin
  upc (= 1.0)
